GEM
  remote: http://rubygems.org/
  specs:
    diff-lcs (1.3)
    dotenv (2.2.1)
    json (2.0.2)
    mini_portile2 (2.3.0)
    mysql2 (0.4.9)
    mysql2 (0.4.9-x64-mingw32)
    nokogiri (1.8.1)
      mini_portile2 (~> 2.3.0)
    nokogiri (1.8.1-x64-mingw32)
      mini_portile2 (~> 2.3.0)
    rspec (3.6.0)
      rspec-core (~> 3.6.0)
      rspec-expectations (~> 3.6.0)
      rspec-mocks (~> 3.6.0)
    rspec-core (3.6.0)
      rspec-support (~> 3.6.0)
    rspec-expectations (3.6.0)
      diff-lcs (>= 1.2.0, < 2.0)
      rspec-support (~> 3.6.0)
    rspec-mocks (3.6.0)
      diff-lcs (>= 1.2.0, < 2.0)
      rspec-support (~> 3.6.0)
    rspec-support (3.6.0)

PLATFORMS
  ruby
  x64-mingw32

DEPENDENCIES
  dotenv
  json
  mysql2
  nokogiri
  rspec

BUNDLED WITH
   1.16.4
